PATH
  remote: .
  specs:
    data_objects (0.10.17)
      addressable (~> 2.1)

GEM
  remote: http://rubygems.org/
  specs:
    addressable (2.6.0)
      public_suffix (>= 2.0.2, < 4.0)
    diff-lcs (1.3)
    public_suffix (3.0.3)
    rake (12.3.2)
    rspec (2.99.0)
      rspec-core (~> 2.99.0)
      rspec-expectations (~> 2.99.0)
      rspec-mocks (~> 2.99.0)
    rspec-core (2.99.2)
    rspec-expectations (2.99.2)
      diff-lcs (>= 1.1.3, < 2.0)
    rspec-mocks (2.99.4)
    yard (0.9.18)

PLATFORMS
  ruby

DEPENDENCIES
  data_objects!
  rake
  rspec (~> 2.5)
  yard (~> 0.5)

BUNDLED WITH
   1.17.2
